GEM
  remote: https://rubygems.org/
  specs:
    CFPropertyList (3.0.2)
    atomos (0.1.3)
    claide (1.0.3)
    colored2 (3.1.2)
    colorize (0.8.1)
    nanaimo (0.3.0)
    xcodeproj (1.19.0)
      CFPropertyList (>= 2.3.3, < 4.0)
      atomos (~> 0.1.3)
      claide (>= 1.0.2, < 2.0)
      colored2 (~> 3.1)
      nanaimo (~> 0.3.0)
    yaml (0.1.1)

PLATFORMS
  universal-darwin-19

DEPENDENCIES
  colorize (~> 0.8.1)
  xcodeproj (= 1.19.0)
  yaml (~> 0.1.1)

BUNDLED WITH
   2.2.6
