GEM
  remote: https://rubygems.org/
  specs:
    colorize (0.8.1)
    yaml (0.1.1)

PLATFORMS
  universal-darwin-19

DEPENDENCIES
  colorize (~> 0.8.1)
  yaml (~> 0.1.1)

BUNDLED WITH
   2.2.6
